PATH
  remote: .
  specs:
    puxico (0.0.1)
      gli (~> 2.16)

GEM
  remote: https://rubygems.org/
  specs:
    gli (2.16.0)
    power_assert (1.0.1)
    rake (12.0.0)
    rdoc (5.1.0)
    test-unit (3.2.3)
      power_assert

PLATFORMS
  ruby

DEPENDENCIES
  puxico!
  rake (~> 12.0)
  rdoc (~> 5.1)
  test-unit (~> 3.2)

BUNDLED WITH
   1.13.6
